GEM
  remote: https://rubygems.org/
  specs:
    diff-lcs (1.2.4)
    facter (1.7.2)
    metaclass (0.0.1)
    mocha (0.12.10)
      metaclass (~> 0.0.1)
    puppet (2.7.22)
      facter (~> 1.5)
    puppetlabs_spec_helper (0.4.1)
      mocha (>= 0.10.5)
      rake
      rspec (>= 2.9.0)
      rspec-puppet (>= 0.1.1)
    rake (0.8.7)
    rspec (2.14.1)
      rspec-core (~> 2.14.0)
      rspec-expectations (~> 2.14.0)
      rspec-mocks (~> 2.14.0)
    rspec-core (2.14.4)
    rspec-expectations (2.14.0)
      diff-lcs (>= 1.1.3, < 2.0)
    rspec-mocks (2.14.1)
    rspec-puppet (0.1.6)
      rspec

PLATFORMS
  ruby

DEPENDENCIES
  mocha (~> 0.12.9)
  puppet (~> 2.7)
  puppetlabs_spec_helper
  rake (~> 0.8.7)
  rspec (>= 2.9.0)
